GIT
  remote: git://github.com/sinisterchipmunk/rspec-prof.git
  revision: 0a4d8ed998a3ab88d1a7b4a8f54a8d7faf6ee8c9
  specs:
    rspec-prof (0.0.6)
      rspec (~> 3.0)
      ruby-prof

PATH
  remote: .
  specs:
    motion-provisioning (0.0.2)
      plist (~> 3.2)
      security (~> 0.1)
      spaceship (~> 0.30)

GEM
  remote: https://rubygems.org/
  specs:
    addressable (2.3.8)
    builder (3.2.2)
    colored (1.2)
    commander (4.4.0)
      highline (~> 1.7.2)
    crack (0.4.3)
      safe_yaml (~> 1.0.0)
    credentials_manager (0.16.0)
      colored
      commander (>= 4.3.5)
      highline (>= 1.7.1)
      security
    diff-lcs (1.2.5)
    docile (1.1.5)
    domain_name (0.5.20160615)
      unf (>= 0.0.5, < 1.0.0)
    faraday (0.9.2)
      multipart-post (>= 1.2, < 3)
    faraday-cookie_jar (0.0.6)
      faraday (>= 0.7.4)
      http-cookie (~> 1.0.0)
    faraday_middleware (0.10.0)
      faraday (>= 0.7.4, < 0.10)
    fastimage (1.9.0)
      addressable (~> 2.3.5)
    hashdiff (0.3.0)
    highline (1.7.8)
    http-cookie (1.0.2)
      domain_name (~> 0.5)
    json (2.0.2)
    multi_xml (0.5.5)
    multipart-post (2.0.0)
    plist (3.2.0)
    rake (10.5.0)
    rspec (3.5.0)
      rspec-core (~> 3.5.0)
      rspec-expectations (~> 3.5.0)
      rspec-mocks (~> 3.5.0)
    rspec-core (3.5.2)
      rspec-support (~> 3.5.0)
    rspec-expectations (3.5.0)
      diff-lcs (>= 1.2.0, < 2.0)
      rspec-support (~> 3.5.0)
    rspec-mocks (3.5.0)
      diff-lcs (>= 1.2.0, < 2.0)
      rspec-support (~> 3.5.0)
    rspec-support (3.5.0)
    rspec_junit_formatter (0.2.3)
      builder (< 4)
      rspec-core (>= 2, < 4, != 2.12.0)
    ruby-prof (0.15.9)
    safe_yaml (1.0.4)
    security (0.1.3)
    simplecov (0.12.0)
      docile (~> 1.1.0)
      json (>= 1.8, < 3)
      simplecov-html (~> 0.10.0)
    simplecov-html (0.10.0)
    spaceship (0.31.1)
      colored
      credentials_manager (>= 0.16.0)
      faraday (~> 0.9)
      faraday-cookie_jar (~> 0.0.6)
      faraday_middleware (~> 0.9)
      fastimage (~> 1.6)
      multi_xml (~> 0.5)
      plist (~> 3.1)
    unf (0.1.4)
      unf_ext
    unf_ext (0.0.7.2)
    webmock (1.24.6)
      addressable (>= 2.3.6)
      crack (>= 0.3.2)
      hashdiff

PLATFORMS
  ruby

DEPENDENCIES
  bundler (~> 1.12)
  motion-provisioning!
  rake (~> 10.0)
  rspec (~> 3.1)
  rspec-prof!
  rspec_junit_formatter (~> 0.2)
  simplecov (~> 0.12)
  webmock (~> 1.21)

BUNDLED WITH
   1.12.5
